GEM
  remote: https://rubygems.org/
  specs:
    addressable (2.4.0)
    data_objects (0.10.17)
      addressable (~> 2.1)
    dm-core (1.2.1)
      addressable (~> 2.3)
    dm-do-adapter (1.2.0)
      data_objects (~> 0.10.6)
      dm-core (~> 1.2.0)
    dm-postgres-adapter (1.2.0)
      dm-do-adapter (~> 1.2.0)
      do_postgres (~> 0.10.6)
    do_postgres (0.10.17)
      data_objects (= 0.10.17)
    domain_name (0.5.20160310)
      unf (>= 0.0.5, < 1.0.0)
    ffi (1.9.10-x64-mingw32)
    http-cookie (1.0.2)
      domain_name (~> 0.5)
    mime-types (2.99.1)
    netrc (0.11.0)
    rack (1.6.4)
    rack-flash-session (1.0.2)
      rack (>= 1.0)
    rack-protection (1.5.3)
      rack
    rake (10.4.2)
    rest-client (1.8.0)
      http-cookie (>= 1.0.2, < 2.0)
      mime-types (>= 1.16, < 3.0)
      netrc (~> 0.7)
    rest-client (1.8.0-x64-mingw32)
      ffi (~> 1.9)
      http-cookie (>= 1.0.2, < 2.0)
      mime-types (>= 1.16, < 3.0)
      netrc (~> 0.7)
    sinatra (1.4.7)
      rack (~> 1.5)
      rack-protection (~> 1.4)
      tilt (>= 1.3, < 3)
    slim (3.0.6)
      temple (~> 0.7.3)
      tilt (>= 1.3.3, < 2.1)
    temple (0.7.6)
    tilt (2.0.2)
    unf (0.1.4)
      unf_ext
    unf_ext (0.0.7.2)
    unf_ext (0.0.7.2-x64-mingw32)

PLATFORMS
  ruby
  x64-mingw32

DEPENDENCIES
  dm-postgres-adapter
  rack
  rack-flash-session
  rake
  rest-client
  sinatra
  slim

RUBY VERSION
   ruby 2.2.4p230

BUNDLED WITH
   1.12.4
