GEM
  remote: https://rubygems.org/
  specs:
    domain_name (0.5.20160310)
      unf (>= 0.0.5, < 1.0.0)
    ffi (1.9.10-x64-mingw32)
    http-cookie (1.0.2)
      domain_name (~> 0.5)
    mime-types (2.99.1)
    netrc (0.11.0)
    rack (1.6.4)
    rack-flash-session (1.0.2)
      rack (>= 1.0)
    rack-protection (1.5.3)
      rack
    rest-client (1.8.0)
      http-cookie (>= 1.0.2, < 2.0)
      mime-types (>= 1.16, < 3.0)
      netrc (~> 0.7)
    rest-client (1.8.0-x64-mingw32)
      ffi (~> 1.9)
      http-cookie (>= 1.0.2, < 2.0)
      mime-types (>= 1.16, < 3.0)
      netrc (~> 0.7)
    sinatra (1.4.7)
      rack (~> 1.5)
      rack-protection (~> 1.4)
      tilt (>= 1.3, < 3)
    slim (3.0.6)
      temple (~> 0.7.3)
      tilt (>= 1.3.3, < 2.1)
    temple (0.7.6)
    tilt (2.0.2)
    unf (0.1.4)
      unf_ext
    unf_ext (0.0.7.2)
    unf_ext (0.0.7.2-x64-mingw32)

PLATFORMS
  ruby
  x64-mingw32

DEPENDENCIES
  rack
  rack-flash-session
  rest-client
  sinatra
  slim

BUNDLED WITH
   1.12.3
